PATH
  remote: .
  specs:
    flatiron_jobs_cli_project (0.1.0)

GEM
  remote: https://rubygems.org/
  specs:
    coderay (1.1.2)
    greenhouse_io (2.5.0)
      httmultiparty (~> 0.3.16)
    httmultiparty (0.3.16)
      httparty (>= 0.7.3)
      mimemagic
      multipart-post
    httparty (0.17.1)
      mime-types (~> 3.0)
      multi_xml (>= 0.5.2)
    method_source (0.8.2)
    mime-types (3.3)
      mime-types-data (~> 3.2015)
    mime-types-data (3.2019.1009)
    mimemagic (0.3.3)
    multi_xml (0.6.0)
    multipart-post (2.1.1)
    pry (0.10.4)
      coderay (~> 1.1.0)
      method_source (~> 0.8.1)
      slop (~> 3.4)
    rake (10.5.0)
    slop (3.6.0)

PLATFORMS
  ruby

DEPENDENCIES
  bundler (~> 2.0)
  flatiron_jobs_cli_project!
  greenhouse_io
  httparty
  pry (~> 0.10.3)
  rake (~> 10.0)

BUNDLED WITH
   2.0.1
